GEM
  remote: https://rubygems.org/
  specs:
    awesome_print (1.6.1)
    builder (3.2.2)
    calabash-android (0.6.0)
      awesome_print (~> 1.2)
      cucumber
      escape (~> 0.0.4)
      httpclient (>= 2.3.2, < 3.0)
      json (~> 1.8)
      retriable (>= 1.3.3.1, < 1.5)
      rubyzip (~> 1.1)
      slowhandcuke (~> 0.0.3)
    cucumber (1.3.17)
      builder (>= 2.1.2)
      diff-lcs (>= 1.1.3)
      gherkin (~> 2.12)
      multi_json (>= 1.7.5, < 2.0)
      multi_test (>= 0.1.1)
    diff-lcs (1.2.5)
    escape (0.0.4)
    faker (1.6.2)
      i18n (~> 0.5)
    gherkin (2.12.2)
      multi_json (~> 1.3)
    httpclient (2.7.1)
    i18n (0.7.0)
    json (1.8.3)
    multi_json (1.11.2)
    multi_test (0.1.2)
    retriable (1.4.1)
    rubyzip (1.2.2)
    slowhandcuke (0.0.3)
      cucumber

PLATFORMS
  ruby

DEPENDENCIES
  calabash-android
  cucumber (~> 1.3.17)
  faker

BUNDLED WITH
   1.11.2
